PATH
  remote: .
  specs:
    error_pages (0.1.0)

GEM
  remote: https://rubygems.org/
  specs:

PLATFORMS
  ruby

DEPENDENCIES
  error_pages!
